GEM
  remote: https://rubygems.org/
  specs:
    lunchy (0.10.4)
    mdless (0.0.10)
    msgpack (1.2.4)
    multi_json (1.13.1)
    neovim (0.7.1)
      msgpack (~> 1.1)
      multi_json (~> 1.0)

PLATFORMS
  ruby

DEPENDENCIES
  lunchy
  mdless
  neovim

BUNDLED WITH
   1.16.1
