GEM
  remote: https://rubygems.org/
  specs:
    lunchy (0.10.4)
    mdless (0.0.9)
    msgpack (1.1.0)
    multi_json (1.12.2)
    neovim (0.6.1)
      msgpack (~> 1.0)
      multi_json (~> 1.0)

PLATFORMS
  ruby

DEPENDENCIES
  lunchy
  mdless
  neovim

BUNDLED WITH
   1.15.4
